PATH
  remote: .
  specs:
    aws_security_viz (0.1.5)
      fog-aws (~> 2.0, >= 2.0.1)
      json (~> 2.1, >= 2.1.0)
      organic_hash (~> 1.0, >= 1.0.2)
      rgl (~> 0.5.3)
      ruby-graphviz (~> 1.2, >= 1.2.3)
      trollop (~> 2.1, >= 2.1.2)
      unf (~> 0.1.4)

GEM
  remote: http://rubygems.org/
  specs:
    builder (3.2.3)
    diff-lcs (1.3)
    excon (0.62.0)
    fog-aws (2.0.1)
      fog-core (~> 1.38)
      fog-json (~> 1.0)
      fog-xml (~> 0.1)
      ipaddress (~> 0.8)
    fog-core (1.45.0)
      builder
      excon (~> 0.58)
      formatador (~> 0.2)
    fog-json (1.2.0)
      fog-core
      multi_json (~> 1.10)
    fog-xml (0.1.3)
      fog-core
      nokogiri (>= 1.5.11, < 2.0.0)
    formatador (0.2.5)
    ipaddress (0.8.3)
    json (2.1.0)
    lazy_priority_queue (0.1.1)
    mini_portile2 (2.3.0)
    multi_json (1.13.1)
    nokogiri (1.8.4)
      mini_portile2 (~> 2.3.0)
    organic_hash (1.0.2)
    rake (12.3.1)
    rgl (0.5.3)
      lazy_priority_queue (~> 0.1.0)
      stream (~> 0.5.0)
    rspec (3.8.0)
      rspec-core (~> 3.8.0)
      rspec-expectations (~> 3.8.0)
      rspec-mocks (~> 3.8.0)
    rspec-core (3.8.0)
      rspec-support (~> 3.8.0)
    rspec-expectations (3.8.1)
      diff-lcs (>= 1.2.0, < 2.0)
      rspec-support (~> 3.8.0)
    rspec-mocks (3.8.0)
      diff-lcs (>= 1.2.0, < 2.0)
      rspec-support (~> 3.8.0)
    rspec-support (3.8.0)
    ruby-graphviz (1.2.3)
    stream (0.5)
    trollop (2.1.3)
    unf (0.1.4)
      unf_ext
    unf_ext (0.0.7.5)

PLATFORMS
  ruby

DEPENDENCIES
  aws_security_viz!
  bundler (~> 1.15)
  rake (~> 12.0, >= 12.0.0)
  rspec (~> 3.5, >= 3.5.0)

BUNDLED WITH
   1.16.1
